GIT
  remote: git://github.com/lauri/krack.git
  revision: 3ffee4696c7965ffd28b20d9e332e0e7cb71e70c
  branch: master
  specs:
    krack (0.1.0)
      multi_json
      rack (~> 1.4.5)

GIT
  remote: git://github.com/lauri/minitest-apidoc.git
  revision: 0b46e8c391c734d97c3f450b25f4e706f3c328d5
  branch: master
  specs:
    minitest-apidoc (0.2.0)
      minitest (~> 5.0.0)
      mustache
      rack-test (~> 0.6.0)

GEM
  remote: https://rubygems.org/
  specs:
    coderay (1.0.9)
    method_source (0.8.2)
    minitest (5.0.8)
    multi_json (1.8.2)
    mustache (0.99.4)
    pry (0.9.12.2)
      coderay (~> 1.0.5)
      method_source (~> 0.8)
      slop (~> 3.4)
    rack (1.4.5)
    rack-test (0.6.2)
      rack (>= 1.0)
    racksh (1.0.0)
      rack (>= 1.0)
      rack-test (>= 0.5)
    rake (10.1.0)
    shotgun (0.9)
      rack (>= 1.0)
    slop (3.4.6)

PLATFORMS
  ruby

DEPENDENCIES
  krack!
  minitest-apidoc!
  pry
  racksh
  rake
  shotgun
