GIT
  remote: git://github.com/lauri/krack.git
  revision: 02ac918a09307697cef40f14964634ab4bb9ead3
  specs:
    krack (0.1.2)
      rack (>= 1.4.5)

GIT
  remote: git://github.com/lauri/minitest-apidoc.git
  revision: b889fe763b0022902eba0770a076ab565aea0a43
  specs:
    minitest-apidoc (0.5.0)
      minitest (>= 5.11.2)
      mustache (~> 1.0.0)
      rack-test (~> 0.6.0)

GEM
  remote: https://rubygems.org/
  specs:
    coderay (1.1.2)
    method_source (0.9.0)
    minitest (5.11.3)
    mustache (1.0.5)
    pry (0.11.3)
      coderay (~> 1.1.0)
      method_source (~> 0.9.0)
    puma (3.11.3)
    rack (2.0.4)
    rack-test (0.6.3)
      rack (>= 1.0)
    racksh (1.0.0)
      rack (>= 1.0)
      rack-test (>= 0.5)
    rake (12.3.1)
    shotgun (0.9.2)
      rack (>= 1.0)

PLATFORMS
  ruby

DEPENDENCIES
  krack!
  minitest-apidoc!
  pry
  puma
  racksh
  rake
  shotgun

BUNDLED WITH
   1.13.7
