GIT
  remote: git://github.com/lauri/krack.git
  revision: 02ac918a09307697cef40f14964634ab4bb9ead3
  specs:
    krack (0.1.2)
      rack (>= 1.4.5)

GIT
  remote: git://github.com/lauri/minitest-apidoc.git
  revision: 0eb01c63769cf62c5c7b6b3e0ebbde982192872e
  specs:
    minitest-apidoc (0.4.0)
      minitest (>= 5.5.0)
      mustache (~> 1.0.0)
      rack-test (~> 0.6.0)

GEM
  remote: https://rubygems.org/
  specs:
    coderay (1.0.9)
    method_source (0.8.2)
    minitest (5.10.1)
    mustache (1.0.3)
    pry (0.9.12.2)
      coderay (~> 1.0.5)
      method_source (~> 0.8)
      slop (~> 3.4)
    puma (3.7.1)
    rack (1.4.5)
    rack-test (0.6.2)
      rack (>= 1.0)
    racksh (1.0.0)
      rack (>= 1.0)
      rack-test (>= 0.5)
    rake (10.1.0)
    shotgun (0.9)
      rack (>= 1.0)
    slop (3.4.6)

PLATFORMS
  ruby

DEPENDENCIES
  krack!
  minitest-apidoc!
  pry
  puma
  racksh
  rake
  shotgun

BUNDLED WITH
   1.13.7
