GIT
  remote: git://github.com/Kovalo/krack.git
  revision: 3ffee4696c7965ffd28b20d9e332e0e7cb71e70c
  branch: master
  specs:
    krack (0.1.0)
      multi_json
      rack (~> 1.4.5)

GIT
  remote: git://github.com/Kovalo/minitest-apidoc.git
  revision: b06c1c5ec2cec371547adbc8f6f021cb8b7c25a1
  branch: master
  specs:
    minitest-apidoc (0.1.0)
      minitest-reporters
      mustache
      rack-test

GEM
  remote: https://rubygems.org/
  specs:
    ansi (1.4.3)
    builder (3.2.2)
    coderay (1.0.8)
    hashie (2.0.5)
    method_source (0.8.1)
    minitest (4.7.5)
    minitest-reporters (0.14.20)
      ansi
      builder
      minitest (>= 2.12, < 5.0)
      powerbar
    multi_json (1.7.7)
    mustache (0.99.4)
    powerbar (1.0.11)
      ansi (~> 1.4.0)
      hashie (>= 1.1.0)
    pry (0.9.12.1)
      coderay (~> 1.0.5)
      method_source (~> 0.8)
      slop (~> 3.4)
    rack (1.4.5)
    rack-test (0.6.2)
      rack (>= 1.0)
    racksh (1.0.0)
      rack (>= 1.0)
      rack-test (>= 0.5)
    rake (10.0.3)
    shotgun (0.9)
      rack (>= 1.0)
    slop (3.4.3)

PLATFORMS
  ruby

DEPENDENCIES
  krack!
  minitest-apidoc!
  pry
  racksh
  rake
  shotgun
